GEM
  remote: https://rubygems.org/
  specs:

PLATFORMS
  ruby
  x86_64-darwin-16

DEPENDENCIES

BUNDLED WITH
   1.15.1
